PATH
  remote: .
  specs:
    differ (0.1.2)

GEM
  remote: http://rubygems.org/
  specs:
    rake (0.9.2.2)
    rspec (1.3.2)

PLATFORMS
  ruby

DEPENDENCIES
  differ!
  rake
  rspec (~> 1.1)
